GEM
  specs:
    rake (12.3.2)

PLATFORMS
  ruby

DEPENDENCIES
  rake

RUBY VERSION
   ruby 2.6.3p62

BUNDLED WITH
   2.1.4
